GEM
  remote: https://rubygems.org/
  specs:
    liquid (4.0.3)

PLATFORMS
  x64-mingw32

DEPENDENCIES
  liquid (~> 4.0)

BUNDLED WITH
   2.0.2
